GEM
  remote: https://rubygems.org/
  specs:
    emk-sinatra-url-for (0.2.1)
      sinatra (>= 0.9.1.1)
    haml (4.0.4)
      tilt
    rack (1.5.2)
    rack-protection (1.5.1)
      rack
    sinatra (1.4.4)
      rack (~> 1.4)
      rack-protection (~> 1.4)
      tilt (~> 1.3, >= 1.3.4)
    sinatra-static-assets (1.0.4)
      sinatra (>= 1.1.0)
    tilt (1.4.1)

PLATFORMS
  ruby

DEPENDENCIES
  emk-sinatra-url-for
  haml
  sinatra
  sinatra-static-assets
